PATH
  remote: .
  specs:
    generator (0.1.0)
      thermite (~> 0)

GEM
  remote: https://rubygems.org/
  specs:
    minitar (0.9)
    rake (13.0.3)
    rake-compiler (1.1.1)
      rake
    thermite (0.13.0)
      minitar (~> 0.5)
      rake (>= 10)
      tomlrb (~> 1.2)
    tomlrb (1.3.0)

PLATFORMS
  x86_64-linux

DEPENDENCIES
  bundler (~> 2.0)
  generator!
  rake (~> 13.0)
  rake-compiler

BUNDLED WITH
   2.2.11
